GEM
  remote: https://rubygems.org/
  specs:
    concurrent-ruby (1.0.5)
    ebnf (1.1.3)
      rdf (~> 3.0)
      sxp (~> 1.0)
    hamster (3.0.0)
      concurrent-ruby (~> 1.0)
    link_header (0.0.8)
    rake (12.3.1)
    rdf (3.0.5)
      hamster (~> 3.0)
      link_header (~> 0.0, >= 0.0.8)
    rdf-reasoner (0.5.1)
      rdf (~> 3.0)
      rdf-vocab (~> 3.0)
      rdf-xsd (~> 3.0)
    rdf-turtle (3.0.3)
      ebnf (~> 1.1)
      rdf (~> 3.0)
    rdf-vocab (3.0.3)
      rdf (~> 3.0)
    rdf-xsd (3.0.1)
      rdf (~> 3.0)
    sxp (1.0.1)
      rdf (>= 2.2, < 4.0)

PLATFORMS
  ruby

DEPENDENCIES
  rake (~> 12.3)
  rdf (~> 3.0)
  rdf-reasoner (~> 0.5.1)
  rdf-turtle (~> 3.0)
  rdf-xsd (~> 3.0)

BUNDLED WITH
   1.16.1
